GEM
  remote: https://rubygems.org/
  specs:
    bcrypt (3.1.20)
    byebug (11.1.3)
    colorize (1.1.0)
    daemons (1.4.1)
    eventmachine (1.2.7)
    fast_jsonparser (0.6.0)
    ffi (1.17.0-arm64-darwin)
    google-protobuf (3.25.3-arm64-darwin)
    googleapis-common-protos-types (1.15.0)
      google-protobuf (>= 3.18, < 5.a)
    grpc (1.64.0-arm64-darwin)
      google-protobuf (~> 3.25)
      googleapis-common-protos-types (~> 1.0)
    json (2.7.2)
    libv8 (3.16.14.19.1-universal-darwin)
    msgpack (1.7.2)
    mysql2 (0.5.6)
    nio4r (2.7.3)
    nokogiri (1.16.6-arm64-darwin)
      racc (~> 1.4)
    observer (0.1.2)
    pg (1.5.6)
    pkg-config (1.5.6)
    puma (6.4.2)
      nio4r (~> 2.0)
    racc (1.8.0)
    rack (2.2.9)
    ref (2.0.0)
    rmagick (6.0.1)
      observer (~> 0.1)
      pkg-config (~> 1.4)
    therubyracer (0.12.3)
      libv8 (~> 3.16.14.15)
      ref
    thin (1.8.2)
      daemons (~> 1.0, >= 1.0.9)
      eventmachine (~> 1.0, >= 1.0.4)
      rack (>= 1, < 3)

PLATFORMS
  arm64-darwin-23

DEPENDENCIES
  bcrypt (~> 3.1, >= 3.1.20)
  byebug (~> 11.1, >= 11.1.3)
  colorize
  eventmachine (~> 1.2, >= 1.2.7)
  fast_jsonparser (~> 0.6.0)
  ffi (~> 1.17)
  grpc (~> 1.64)
  json (~> 2.7, >= 2.7.2)
  msgpack (~> 1.7, >= 1.7.2)
  mysql2 (~> 0.5.6)
  nokogiri (~> 1.16, >= 1.16.6)
  pg (~> 1.5, >= 1.5.6)
  puma (~> 6.4, >= 6.4.2)
  rmagick (~> 6.0, >= 6.0.1)
  therubyracer (~> 0.12.3)
  thin (~> 1.8, >= 1.8.2)

BUNDLED WITH
   2.3.27
